GEM
  remote: https://rubygems.org/
  specs:
    columnize (0.3.6)
    debugger (1.6.0)
      columnize (>= 0.3.1)
      debugger-linecache (~> 1.2.0)
      debugger-ruby_core_source (~> 1.2.1)
    debugger-linecache (1.2.0)
    debugger-ruby_core_source (1.2.2)
    faraday (0.8.7)
      multipart-post (~> 1.1)
    multipart-post (1.2.0)
    nokogiri (1.5.10)

PLATFORMS
  ruby

DEPENDENCIES
  debugger
  faraday
  nokogiri
